STORAGE: NONE
COPY-LOCAL: TRUE
RESTRICTION: == net6.0
NUGET
  remote: https://api.nuget.org/v3/index.json
    Aardvark.Application (5.1.21)
      Aardvark.Base.Essentials (>= 5.1.22 < 5.2)
      Aardvark.Base.Incremental (>= 5.1.22 < 5.2)
      Aardvark.Rendering (5.1.21)
      FShade.Core (>= 5.2.2 < 5.3)
      FShade.GLSL (>= 5.2.2)
      FSharp.Core (>= 5.0)
    Aardvark.Base (5.1.22)
      Aardvark.Base.Telemetry (5.1.22)
      System.Collections.Immutable (>= 1.7)
      System.Text.Json (>= 4.7.2)
    Aardvark.Base.Essentials (5.1.22)
      Aardvark.Base (5.1.22)
      DevILSharp (>= 0.2.9 < 0.3)
      System.Collections.Immutable (>= 1.7)
    Aardvark.Base.FSharp (5.1.22)
      Aardvark.Base (5.1.22)
      Aardvark.Base.TypeProviders (>= 4.5.15 < 4.6)
      DevILSharp (>= 0.2.9 < 0.3)
      FSharp.Core (>= 5.0)
      FSharp.Data.Adaptive (>= 1.2 < 1.3)
      FsPickler (>= 5.3.2 < 5.4)
      System.Dynamic.Runtime (>= 4.3 < 4.4)
    Aardvark.Base.Incremental (5.1.22)
      Aardvark.Base (5.1.22)
      Aardvark.Base.FSharp (5.1.22)
      Aardvark.Base.TypeProviders (>= 4.5.15 < 4.6)
      DevILSharp (>= 0.2.9 < 0.3)
      FSharp.Core (>= 5.0)
      FSharp.Data.Adaptive (>= 1.2 < 1.3)
      FsPickler (>= 5.3.2 < 5.4)
    Aardvark.Base.Telemetry (5.1.22)
    Aardvark.Base.Tensors (5.1.22)
      Aardvark.Base (5.1.22)
      Aardvark.Base.FSharp (5.1.22)
      FSharp.Core (>= 5.0)
      SixLabors.ImageSharp (>= 1.0.2 < 1.1)
    Aardvark.Base.TypeProviders (4.5.15)
      FSharp.Core (>= 4.2.3)
    Aardvark.Rendering (5.1.21)
      Aardvark.Base.Essentials (>= 5.1.22 < 5.2)
      Aardvark.Base.Incremental (>= 5.1.22 < 5.2)
      Aardvark.Base.Tensors (>= 5.1.22 < 5.2)
      FShade.Core (>= 5.2.2 < 5.3)
      FShade.GLSL (>= 5.2.2)
      FSharp.Core (>= 5.0)
      FSharp.Data.Adaptive (>= 1.2.6 < 1.3)
    Aardvark.Rendering.Text (5.1.21)
      Aardvark.Base.Incremental (>= 5.1.22 < 5.2)
      Aardvark.Rendering (5.1.21)
      Aardvark.SceneGraph (5.1.21)
      CommonMark.NET (>= 0.15.1 < 0.16)
      FShade.Core (>= 5.2.2 < 5.3)
      FShade.GLSL (>= 5.2.2)
      FSharp.Core (>= 5.0)
      Unofficial.LibTessDotNet (>= 2.0.2 < 2.1)
      Unofficial.Typography (>= 0.1 < 0.2)
    Aardvark.SceneGraph (5.1.21)
      Aardvark.Base.Incremental (>= 5.1.22 < 5.2)
      Aardvark.Rendering (5.1.21)
      FShade.Core (>= 5.2.2 < 5.3)
      FShade.GLSL (>= 5.2.2)
      FSharp.Core (>= 5.0)
    CommonMark.NET (0.15.1)
    DevILSharp (0.2.11)
      FSharp.Core (>= 4.6.2)
    FShade (5.2.4)
      FShade.Core (5.2.4)
      FShade.GLSL (5.2.4)
      FShade.Imperative (5.2.4)
      FShade.SpirV (5.2.4)
    FShade.Core (5.2.4)
      Aardvark.Base (>= 5.1.22 < 5.2)
      Aardvark.Base.FSharp (>= 5.1.22 < 5.2)
      FShade.Imperative (5.2.4)
      FSharp.Core (>= 5.0)
    FShade.GLSL (5.2.4)
      Aardvark.Base (>= 5.1.22 < 5.2)
      Aardvark.Base.FSharp (>= 5.1.22 < 5.2)
      FShade.Core (5.2.4)
      FShade.Imperative (5.2.4)
      FSharp.Core (>= 5.0)
    FShade.Imperative (5.2.4)
      Aardvark.Base (>= 5.1.22 < 5.2)
      Aardvark.Base.FSharp (>= 5.1.22 < 5.2)
      FSharp.Core (>= 5.0)
      FsPickler (>= 5.3.2 < 5.4)
    FShade.SpirV (5.2.4)
      Aardvark.Base (>= 5.1.22 < 5.2)
      Aardvark.Base.FSharp (>= 5.1.22 < 5.2)
      FShade.Core (5.2.4)
      FShade.Imperative (5.2.4)
      FSharp.Core (>= 5.0)
    FSharp.Core (5.0.2)
    FSharp.Data.Adaptive (1.2.8)
      FSharp.Core (>= 4.7)
      System.Reflection.Emit.Lightweight (>= 4.6)
    FsPickler (5.3.2)
      FSharp.Core (>= 4.3.2)
      System.Reflection.Emit.Lightweight (>= 4.3)
    Microsoft.AspNetCore.Authorization (6.0)
      Microsoft.AspNetCore.Metadata (>= 6.0)
      Microsoft.Extensions.Logging.Abstractions (>= 6.0)
      Microsoft.Extensions.Options (>= 6.0)
    Microsoft.AspNetCore.Components (6.0)
      Microsoft.AspNetCore.Authorization (>= 6.0)
      Microsoft.AspNetCore.Components.Analyzers (>= 6.0)
    Microsoft.AspNetCore.Components.Analyzers (6.0)
    Microsoft.AspNetCore.Components.Forms (6.0)
      Microsoft.AspNetCore.Components (>= 6.0)
    Microsoft.AspNetCore.Components.Web (6.0)
      Microsoft.AspNetCore.Components (>= 6.0)
      Microsoft.AspNetCore.Components.Forms (>= 6.0)
      Microsoft.Extensions.DependencyInjection (>= 6.0)
      Microsoft.JSInterop (>= 6.0)
      System.IO.Pipelines (>= 6.0)
    Microsoft.AspNetCore.Components.WebAssembly (6.0)
      Microsoft.AspNetCore.Components.Web (>= 6.0)
      Microsoft.Extensions.Configuration.Binder (>= 6.0)
      Microsoft.Extensions.Configuration.Json (>= 6.0)
      Microsoft.Extensions.Logging (>= 6.0)
      Microsoft.JSInterop.WebAssembly (>= 6.0)
    Microsoft.AspNetCore.Components.WebAssembly.DevServer (6.0)
    Microsoft.AspNetCore.Metadata (6.0)
    Microsoft.CSharp (4.7)
    Microsoft.DotNet.PlatformAbstractions (3.1.6)
    Microsoft.Extensions.Configuration (6.0)
      Microsoft.Extensions.Configuration.Abstractions (>= 6.0)
      Microsoft.Extensions.Primitives (>= 6.0)
    Microsoft.Extensions.Configuration.Abstractions (6.0)
      Microsoft.Extensions.Primitives (>= 6.0)
    Microsoft.Extensions.Configuration.Binder (6.0)
      Microsoft.Extensions.Configuration.Abstractions (>= 6.0)
    Microsoft.Extensions.Configuration.FileExtensions (6.0)
      Microsoft.Extensions.Configuration (>= 6.0)
      Microsoft.Extensions.Configuration.Abstractions (>= 6.0)
      Microsoft.Extensions.FileProviders.Abstractions (>= 6.0)
      Microsoft.Extensions.FileProviders.Physical (>= 6.0)
      Microsoft.Extensions.Primitives (>= 6.0)
    Microsoft.Extensions.Configuration.Json (6.0)
      Microsoft.Extensions.Configuration (>= 6.0)
      Microsoft.Extensions.Configuration.Abstractions (>= 6.0)
      Microsoft.Extensions.Configuration.FileExtensions (>= 6.0)
      Microsoft.Extensions.FileProviders.Abstractions (>= 6.0)
      System.Text.Json (>= 6.0)
    Microsoft.Extensions.DependencyInjection (6.0)
      Microsoft.Extensions.DependencyInjection.Abstractions (>= 6.0)
      System.Runtime.CompilerServices.Unsafe (>= 6.0)
    Microsoft.Extensions.DependencyInjection.Abstractions (6.0)
    Microsoft.Extensions.DependencyModel (6.0)
      System.Buffers (>= 4.5.1)
      System.Memory (>= 4.5.4)
      System.Runtime.CompilerServices.Unsafe (>= 6.0)
      System.Text.Encodings.Web (>= 6.0)
      System.Text.Json (>= 6.0)
    Microsoft.Extensions.FileProviders.Abstractions (6.0)
      Microsoft.Extensions.Primitives (>= 6.0)
    Microsoft.Extensions.FileProviders.Physical (6.0)
      Microsoft.Extensions.FileProviders.Abstractions (>= 6.0)
      Microsoft.Extensions.FileSystemGlobbing (>= 6.0)
      Microsoft.Extensions.Primitives (>= 6.0)
    Microsoft.Extensions.FileSystemGlobbing (6.0)
    Microsoft.Extensions.Logging (6.0)
      Microsoft.Extensions.DependencyInjection (>= 6.0)
      Microsoft.Extensions.DependencyInjection.Abstractions (>= 6.0)
      Microsoft.Extensions.Logging.Abstractions (>= 6.0)
      Microsoft.Extensions.Options (>= 6.0)
      System.Diagnostics.DiagnosticSource (>= 6.0)
    Microsoft.Extensions.Logging.Abstractions (6.0)
    Microsoft.Extensions.Options (6.0)
      Microsoft.Extensions.DependencyInjection.Abstractions (>= 6.0)
      Microsoft.Extensions.Primitives (>= 6.0)
    Microsoft.Extensions.Primitives (6.0)
      System.Runtime.CompilerServices.Unsafe (>= 6.0)
    Microsoft.JSInterop (6.0)
    Microsoft.JSInterop.WebAssembly (6.0)
      Microsoft.JSInterop (>= 6.0)
    Microsoft.NETCore.Platforms (6.0)
    Microsoft.NETCore.Targets (5.0)
    Silk.NET.Core (2.10.1)
      Microsoft.CSharp (>= 4.7)
      Microsoft.DotNet.PlatformAbstractions (>= 3.1.6)
      Microsoft.Extensions.DependencyModel (>= 3.1.1)
      System.Memory (>= 4.5.3)
      System.Numerics.Vectors (>= 4.5)
      System.Runtime.CompilerServices.Unsafe (>= 4.7)
    Silk.NET.Maths (2.10.1)
    Silk.NET.OpenGLES (2.9)
      Silk.NET.Core (>= 2.9)
      Silk.NET.Maths (>= 2.9)
    SixLabors.ImageSharp (1.0.4)
    System.Buffers (4.5.1)
    System.Collections (4.3)
      Microsoft.NETCore.Platforms (>= 1.1)
      Microsoft.NETCore.Targets (>= 1.1)
      System.Runtime (>= 4.3)
    System.Collections.Immutable (6.0)
      System.Runtime.CompilerServices.Unsafe (>= 6.0)
    System.Diagnostics.Debug (4.3)
      Microsoft.NETCore.Platforms (>= 1.1)
      Microsoft.NETCore.Targets (>= 1.1)
      System.Runtime (>= 4.3)
    System.Diagnostics.DiagnosticSource (6.0)
      System.Runtime.CompilerServices.Unsafe (>= 6.0)
    System.Dynamic.Runtime (4.3)
      System.Collections (>= 4.3)
      System.Diagnostics.Debug (>= 4.3)
      System.Linq (>= 4.3)
      System.Linq.Expressions (>= 4.3)
      System.ObjectModel (>= 4.3)
      System.Reflection (>= 4.3)
      System.Reflection.Emit (>= 4.3)
      System.Reflection.Emit.ILGeneration (>= 4.3)
      System.Reflection.Primitives (>= 4.3)
      System.Reflection.TypeExtensions (>= 4.3)
      System.Resources.ResourceManager (>= 4.3)
      System.Runtime (>= 4.3)
      System.Runtime.Extensions (>= 4.3)
      System.Threading (>= 4.3)
    System.Globalization (4.3)
      Microsoft.NETCore.Platforms (>= 1.1)
      Microsoft.NETCore.Targets (>= 1.1)
      System.Runtime (>= 4.3)
    System.IO (4.3)
      Microsoft.NETCore.Platforms (>= 1.1)
      Microsoft.NETCore.Targets (>= 1.1)
      System.Runtime (>= 4.3)
      System.Text.Encoding (>= 4.3)
      System.Threading.Tasks (>= 4.3)
    System.IO.Pipelines (6.0)
    System.Linq (4.3)
      System.Collections (>= 4.3)
      System.Diagnostics.Debug (>= 4.3)
      System.Resources.ResourceManager (>= 4.3)
      System.Runtime (>= 4.3)
      System.Runtime.Extensions (>= 4.3)
    System.Linq.Expressions (4.3)
      System.Collections (>= 4.3)
      System.Diagnostics.Debug (>= 4.3)
      System.Globalization (>= 4.3)
      System.IO (>= 4.3)
      System.Linq (>= 4.3)
      System.ObjectModel (>= 4.3)
      System.Reflection (>= 4.3)
      System.Reflection.Emit (>= 4.3)
      System.Reflection.Emit.ILGeneration (>= 4.3)
      System.Reflection.Emit.Lightweight (>= 4.3)
      System.Reflection.Extensions (>= 4.3)
      System.Reflection.Primitives (>= 4.3)
      System.Reflection.TypeExtensions (>= 4.3)
      System.Resources.ResourceManager (>= 4.3)
      System.Runtime (>= 4.3)
      System.Runtime.Extensions (>= 4.3)
      System.Threading (>= 4.3)
    System.Memory (4.5.4)
    System.Numerics.Vectors (4.5)
    System.ObjectModel (4.3)
      System.Collections (>= 4.3)
      System.Diagnostics.Debug (>= 4.3)
      System.Resources.ResourceManager (>= 4.3)
      System.Runtime (>= 4.3)
      System.Threading (>= 4.3)
    System.Reflection (4.3)
      Microsoft.NETCore.Platforms (>= 1.1)
      Microsoft.NETCore.Targets (>= 1.1)
      System.IO (>= 4.3)
      System.Reflection.Primitives (>= 4.3)
      System.Runtime (>= 4.3)
    System.Reflection.Emit (4.7)
    System.Reflection.Emit.ILGeneration (4.7)
    System.Reflection.Emit.Lightweight (4.7)
    System.Reflection.Extensions (4.3)
      Microsoft.NETCore.Platforms (>= 1.1)
      Microsoft.NETCore.Targets (>= 1.1)
      System.Reflection (>= 4.3)
      System.Runtime (>= 4.3)
    System.Reflection.Primitives (4.3)
      Microsoft.NETCore.Platforms (>= 1.1)
      Microsoft.NETCore.Targets (>= 1.1)
      System.Runtime (>= 4.3)
    System.Reflection.TypeExtensions (4.7)
    System.Resources.ResourceManager (4.3)
      Microsoft.NETCore.Platforms (>= 1.1)
      Microsoft.NETCore.Targets (>= 1.1)
      System.Globalization (>= 4.3)
      System.Reflection (>= 4.3)
      System.Runtime (>= 4.3)
    System.Runtime (4.3.1)
      Microsoft.NETCore.Platforms (>= 1.1.1)
      Microsoft.NETCore.Targets (>= 1.1.3)
    System.Runtime.CompilerServices.Unsafe (6.0)
    System.Runtime.Extensions (4.3.1)
      Microsoft.NETCore.Platforms (>= 1.1.1)
      Microsoft.NETCore.Targets (>= 1.1.3)
      System.Runtime (>= 4.3.1)
    System.Text.Encoding (4.3)
      Microsoft.NETCore.Platforms (>= 1.1)
      Microsoft.NETCore.Targets (>= 1.1)
      System.Runtime (>= 4.3)
    System.Text.Encodings.Web (6.0)
      System.Runtime.CompilerServices.Unsafe (>= 6.0)
    System.Text.Json (6.0)
      System.Runtime.CompilerServices.Unsafe (>= 6.0)
      System.Text.Encodings.Web (>= 6.0)
    System.Threading (4.3)
      System.Runtime (>= 4.3)
      System.Threading.Tasks (>= 4.3)
    System.Threading.Tasks (4.3)
      Microsoft.NETCore.Platforms (>= 1.1)
      Microsoft.NETCore.Targets (>= 1.1)
      System.Runtime (>= 4.3)
    Unofficial.LibTessDotNet (2.0.2)
    Unofficial.Typography (0.1)
      System.Numerics.Vectors (>= 4.5)

GROUP Build
RESTRICTION: == netstandard2.0
NUGET
  remote: https://api.nuget.org/v3/index.json
    Argu (5.5)
      FSharp.Core (>= 4.3.2)
      System.Configuration.ConfigurationManager (>= 4.4)
    BlackFox.VsWhere (1.1)
      FSharp.Core (>= 4.2.3)
      Microsoft.Win32.Registry (>= 4.7)
    Chessie (0.6)
      FSharp.Core (>= 4.0.1.7-alpha)
      NETStandard.Library (>= 1.6)
    fake-cli (5.20.4)
    Fake.Core.CommandLineParsing (5.21.0-alpha003)
      FParsec (>= 1.1.1)
      FSharp.Core (>= 6.0)
    Fake.Core.Context (5.21.0-alpha003)
      FSharp.Core (>= 6.0)
    Fake.Core.Environment (5.21.0-alpha003)
      FSharp.Core (>= 6.0)
    Fake.Core.FakeVar (5.21.0-alpha003)
      Fake.Core.Context (>= 5.21.0-alpha003)
      FSharp.Core (>= 6.0)
    Fake.Core.Process (5.21.0-alpha003)
      Fake.Core.Environment (>= 5.21.0-alpha003)
      Fake.Core.FakeVar (>= 5.21.0-alpha003)
      Fake.Core.String (>= 5.21.0-alpha003)
      Fake.Core.Trace (>= 5.21.0-alpha003)
      Fake.IO.FileSystem (>= 5.21.0-alpha003)
      FSharp.Core (>= 6.0)
      System.Collections.Immutable (>= 5.0)
    Fake.Core.SemVer (5.21.0-alpha003)
      FSharp.Core (>= 6.0)
    Fake.Core.String (5.21.0-alpha003)
      FSharp.Core (>= 6.0)
    Fake.Core.Target (5.21.0-alpha003)
      Fake.Core.CommandLineParsing (>= 5.21.0-alpha003)
      Fake.Core.Context (>= 5.21.0-alpha003)
      Fake.Core.Environment (>= 5.21.0-alpha003)
      Fake.Core.FakeVar (>= 5.21.0-alpha003)
      Fake.Core.Process (>= 5.21.0-alpha003)
      Fake.Core.String (>= 5.21.0-alpha003)
      Fake.Core.Trace (>= 5.21.0-alpha003)
      FSharp.Control.Reactive (>= 5.0.2)
      FSharp.Core (>= 6.0)
    Fake.Core.Tasks (5.21.0-alpha003)
      Fake.Core.Trace (>= 5.21.0-alpha003)
      FSharp.Core (>= 6.0)
    Fake.Core.Trace (5.21.0-alpha003)
      Fake.Core.Environment (>= 5.21.0-alpha003)
      Fake.Core.FakeVar (>= 5.21.0-alpha003)
      FSharp.Core (>= 6.0)
    Fake.Core.Xml (5.21.0-alpha003)
      Fake.Core.String (>= 5.21.0-alpha003)
      FSharp.Core (>= 6.0)
    Fake.DotNet.Cli (5.21.0-alpha003)
      Fake.Core.Environment (>= 5.21.0-alpha003)
      Fake.Core.Process (>= 5.21.0-alpha003)
      Fake.Core.String (>= 5.21.0-alpha003)
      Fake.Core.Trace (>= 5.21.0-alpha003)
      Fake.DotNet.MSBuild (>= 5.21.0-alpha003)
      Fake.DotNet.NuGet (>= 5.21.0-alpha003)
      Fake.IO.FileSystem (>= 5.21.0-alpha003)
      FSharp.Core (>= 6.0)
      Mono.Posix.NETStandard (>= 1.0)
      Newtonsoft.Json (>= 13.0.1)
    Fake.DotNet.MSBuild (5.21.0-alpha003)
      BlackFox.VsWhere (>= 1.1)
      Fake.Core.Environment (>= 5.21.0-alpha003)
      Fake.Core.Process (>= 5.21.0-alpha003)
      Fake.Core.String (>= 5.21.0-alpha003)
      Fake.Core.Trace (>= 5.21.0-alpha003)
      Fake.IO.FileSystem (>= 5.21.0-alpha003)
      FSharp.Core (>= 6.0)
      MSBuild.StructuredLogger (>= 2.1.545)
    Fake.DotNet.NuGet (5.21.0-alpha003)
      Fake.Core.Environment (>= 5.21.0-alpha003)
      Fake.Core.Process (>= 5.21.0-alpha003)
      Fake.Core.SemVer (>= 5.21.0-alpha003)
      Fake.Core.String (>= 5.21.0-alpha003)
      Fake.Core.Tasks (>= 5.21.0-alpha003)
      Fake.Core.Trace (>= 5.21.0-alpha003)
      Fake.Core.Xml (>= 5.21.0-alpha003)
      Fake.IO.FileSystem (>= 5.21.0-alpha003)
      Fake.Net.Http (>= 5.21.0-alpha003)
      FSharp.Core (>= 6.0)
      Newtonsoft.Json (>= 13.0.1)
      NuGet.Protocol (>= 5.11)
    Fake.DotNet.Paket (5.21.0-alpha003)
      Fake.Core.Process (>= 5.21.0-alpha003)
      Fake.Core.String (>= 5.21.0-alpha003)
      Fake.Core.Trace (>= 5.21.0-alpha003)
      Fake.DotNet.Cli (>= 5.21.0-alpha003)
      Fake.IO.FileSystem (>= 5.21.0-alpha003)
      FSharp.Core (>= 6.0)
    Fake.IO.FileSystem (5.21.0-alpha003)
      Fake.Core.String (>= 5.21.0-alpha003)
      FSharp.Core (>= 6.0)
    Fake.Net.Http (5.21.0-alpha003)
      Fake.Core.Trace (>= 5.21.0-alpha003)
      FSharp.Core (>= 6.0)
    Fake.Tools.Git (5.21.0-alpha003)
      Fake.Core.Environment (>= 5.21.0-alpha003)
      Fake.Core.Process (>= 5.21.0-alpha003)
      Fake.Core.SemVer (>= 5.21.0-alpha003)
      Fake.Core.String (>= 5.21.0-alpha003)
      Fake.Core.Trace (>= 5.21.0-alpha003)
      Fake.IO.FileSystem (>= 5.21.0-alpha003)
      FSharp.Core (>= 6.0)
    FParsec (1.1.1)
      FSharp.Core (>= 4.3.4)
    fshadeaot (5.2.4)
    FSharp.Control.Reactive (5.0.2)
      FSharp.Core (>= 4.7.2)
      System.Reactive (>= 5.0)
    FSharp.Core (6.0.1)
    Microsoft.Build (17.0)
    Microsoft.Build.Framework (17.0)
      System.Security.Permissions (>= 4.7)
    Microsoft.Build.Tasks.Core (17.0)
      Microsoft.Build.Framework (>= 17.0)
      Microsoft.Build.Utilities.Core (>= 17.0)
      Microsoft.NET.StringTools (>= 1.0)
      Microsoft.Win32.Registry (>= 4.3)
      System.CodeDom (>= 4.4)
      System.Collections.Immutable (>= 5.0)
      System.Reflection.Metadata (>= 1.6)
      System.Resources.Extensions (>= 4.6)
      System.Security.Cryptography.Pkcs (>= 4.7)
      System.Security.Cryptography.Xml (>= 4.7)
      System.Security.Permissions (>= 4.7)
      System.Threading.Tasks.Dataflow (>= 4.9)
    Microsoft.Build.Utilities.Core (17.0)
      Microsoft.Build.Framework (>= 17.0)
      Microsoft.NET.StringTools (>= 1.0)
      Microsoft.Win32.Registry (>= 4.3)
      System.Collections.Immutable (>= 5.0)
      System.Configuration.ConfigurationManager (>= 4.7)
      System.Security.Permissions (>= 4.7)
      System.Text.Encoding.CodePages (>= 4.0.1)
    Microsoft.NET.StringTools (1.0)
      System.Memory (>= 4.5.4)
      System.Runtime.CompilerServices.Unsafe (>= 5.0)
    Microsoft.NETCore.Platforms (6.0)
    Microsoft.NETCore.Targets (5.0)
    Microsoft.Win32.Registry (5.0)
      System.Buffers (>= 4.5.1)
      System.Memory (>= 4.5.4)
      System.Security.AccessControl (>= 5.0)
      System.Security.Principal.Windows (>= 5.0)
    Mono.Cecil (0.11.4)
    Mono.Posix.NETStandard (1.0)
    MSBuild.StructuredLogger (2.1.545)
      Microsoft.Build (>= 16.10)
      Microsoft.Build.Framework (>= 16.10)
      Microsoft.Build.Tasks.Core (>= 16.10)
      Microsoft.Build.Utilities.Core (>= 16.10)
    NETStandard.Library (2.0.3)
      Microsoft.NETCore.Platforms (>= 1.1)
    Newtonsoft.Json (13.0.1)
    NuGet.Common (6.0)
      NuGet.Frameworks (>= 6.0)
    NuGet.Configuration (6.0)
      NuGet.Common (>= 6.0)
      System.Security.Cryptography.ProtectedData (>= 4.4)
    NuGet.Frameworks (6.0)
    NuGet.Packaging (6.0)
      Newtonsoft.Json (>= 13.0.1)
      NuGet.Configuration (>= 6.0)
      NuGet.Versioning (>= 6.0)
      System.Security.Cryptography.Cng (>= 5.0)
      System.Security.Cryptography.Pkcs (>= 5.0)
    NuGet.Protocol (6.0)
      NuGet.Packaging (>= 6.0)
    NuGet.Versioning (6.0)
    Paket.Core (6.2.1)
      Chessie (>= 0.6)
      FSharp.Core (>= 5.0)
      Mono.Cecil (>= 0.11.3)
      Newtonsoft.Json (>= 13.0.1)
      NuGet.Packaging (>= 5.9.1)
      System.Net.Http (>= 4.3.4)
      System.Net.Http.WinHttpHandler (>= 5.0)
      System.Security.Cryptography.ProtectedData (>= 5.0)
    runtime.debian.8-x64.runtime.native.System.Security.Cryptography.OpenSsl (4.3.3)
    runtime.debian.9-x64.runtime.native.System.Security.Cryptography.OpenSsl (4.3.3)
    runtime.fedora.23-x64.runtime.native.System.Security.Cryptography.OpenSsl (4.3.3)
    runtime.fedora.24-x64.runtime.native.System.Security.Cryptography.OpenSsl (4.3.3)
    runtime.fedora.27-x64.runtime.native.System.Security.Cryptography.OpenSsl (4.3.3)
    runtime.fedora.28-x64.runtime.native.System.Security.Cryptography.OpenSsl (4.3.3)
    runtime.native.System (4.3.1)
      Microsoft.NETCore.Platforms (>= 1.1.1)
      Microsoft.NETCore.Targets (>= 1.1.3)
    runtime.native.System.IO.Compression (4.3.2)
      Microsoft.NETCore.Platforms (>= 1.1.1)
      Microsoft.NETCore.Targets (>= 1.1.3)
    runtime.native.System.Net.Http (4.3.1)
      Microsoft.NETCore.Platforms (>= 1.1.1)
      Microsoft.NETCore.Targets (>= 1.1.3)
    runtime.native.System.Security.Cryptography.Apple (4.3.1)
      runtime.osx.10.10-x64.runtime.native.System.Security.Cryptography.Apple (>= 4.3.1)
    runtime.native.System.Security.Cryptography.OpenSsl (4.3.3)
      runtime.debian.8-x64.runtime.native.System.Security.Cryptography.OpenSsl (>= 4.3.3)
      runtime.debian.9-x64.runtime.native.System.Security.Cryptography.OpenSsl (>= 4.3.3)
      runtime.fedora.23-x64.runtime.native.System.Security.Cryptography.OpenSsl (>= 4.3.3)
      runtime.fedora.24-x64.runtime.native.System.Security.Cryptography.OpenSsl (>= 4.3.3)
      runtime.fedora.27-x64.runtime.native.System.Security.Cryptography.OpenSsl (>= 4.3.3)
      runtime.fedora.28-x64.runtime.native.System.Security.Cryptography.OpenSsl (>= 4.3.3)
      runtime.opensuse.13.2-x64.runtime.native.System.Security.Cryptography.OpenSsl (>= 4.3.3)
      runtime.opensuse.42.1-x64.runtime.native.System.Security.Cryptography.OpenSsl (>= 4.3.3)
      runtime.opensuse.42.3-x64.runtime.native.System.Security.Cryptography.OpenSsl (>= 4.3.3)
      runtime.osx.10.10-x64.runtime.native.System.Security.Cryptography.OpenSsl (>= 4.3.3)
      runtime.rhel.7-x64.runtime.native.System.Security.Cryptography.OpenSsl (>= 4.3.3)
      runtime.ubuntu.14.04-x64.runtime.native.System.Security.Cryptography.OpenSsl (>= 4.3.3)
      runtime.ubuntu.16.04-x64.runtime.native.System.Security.Cryptography.OpenSsl (>= 4.3.3)
      runtime.ubuntu.16.10-x64.runtime.native.System.Security.Cryptography.OpenSsl (>= 4.3.3)
      runtime.ubuntu.18.04-x64.runtime.native.System.Security.Cryptography.OpenSsl (>= 4.3.3)
    runtime.opensuse.13.2-x64.runtime.native.System.Security.Cryptography.OpenSsl (4.3.3)
    runtime.opensuse.42.1-x64.runtime.native.System.Security.Cryptography.OpenSsl (4.3.3)
    runtime.opensuse.42.3-x64.runtime.native.System.Security.Cryptography.OpenSsl (4.3.3)
    runtime.osx.10.10-x64.runtime.native.System.Security.Cryptography.Apple (4.3.1)
    runtime.osx.10.10-x64.runtime.native.System.Security.Cryptography.OpenSsl (4.3.3)
    runtime.rhel.7-x64.runtime.native.System.Security.Cryptography.OpenSsl (4.3.3)
    runtime.ubuntu.14.04-x64.runtime.native.System.Security.Cryptography.OpenSsl (4.3.3)
    runtime.ubuntu.16.04-x64.runtime.native.System.Security.Cryptography.OpenSsl (4.3.3)
    runtime.ubuntu.16.10-x64.runtime.native.System.Security.Cryptography.OpenSsl (4.3.3)
    runtime.ubuntu.18.04-x64.runtime.native.System.Security.Cryptography.OpenSsl (4.3.3)
    SourceLink.Fake (1.1)
    System.Buffers (4.5.1)
    System.CodeDom (6.0)
    System.Collections (4.3)
      Microsoft.NETCore.Platforms (>= 1.1)
      Microsoft.NETCore.Targets (>= 1.1)
      System.Runtime (>= 4.3)
    System.Collections.Concurrent (4.3)
      System.Collections (>= 4.3)
      System.Diagnostics.Debug (>= 4.3)
      System.Diagnostics.Tracing (>= 4.3)
      System.Globalization (>= 4.3)
      System.Reflection (>= 4.3)
      System.Resources.ResourceManager (>= 4.3)
      System.Runtime (>= 4.3)
      System.Runtime.Extensions (>= 4.3)
      System.Threading (>= 4.3)
      System.Threading.Tasks (>= 4.3)
    System.Collections.Immutable (6.0)
      System.Memory (>= 4.5.4)
      System.Runtime.CompilerServices.Unsafe (>= 6.0)
    System.Configuration.ConfigurationManager (6.0)
      System.Security.Cryptography.ProtectedData (>= 6.0)
      System.Security.Permissions (>= 6.0)
    System.Diagnostics.Debug (4.3)
      Microsoft.NETCore.Platforms (>= 1.1)
      Microsoft.NETCore.Targets (>= 1.1)
      System.Runtime (>= 4.3)
    System.Diagnostics.DiagnosticSource (6.0)
      System.Memory (>= 4.5.4)
      System.Runtime.CompilerServices.Unsafe (>= 6.0)
    System.Diagnostics.Tracing (4.3)
      Microsoft.NETCore.Platforms (>= 1.1)
      Microsoft.NETCore.Targets (>= 1.1)
      System.Runtime (>= 4.3)
    System.Formats.Asn1 (6.0)
      System.Buffers (>= 4.5.1)
      System.Memory (>= 4.5.4)
    System.Globalization (4.3)
      Microsoft.NETCore.Platforms (>= 1.1)
      Microsoft.NETCore.Targets (>= 1.1)
      System.Runtime (>= 4.3)
    System.Globalization.Calendars (4.3)
      Microsoft.NETCore.Platforms (>= 1.1)
      Microsoft.NETCore.Targets (>= 1.1)
      System.Globalization (>= 4.3)
      System.Runtime (>= 4.3)
    System.Globalization.Extensions (4.3)
      Microsoft.NETCore.Platforms (>= 1.1)
      System.Globalization (>= 4.3)
      System.Resources.ResourceManager (>= 4.3)
      System.Runtime (>= 4.3)
      System.Runtime.Extensions (>= 4.3)
      System.Runtime.InteropServices (>= 4.3)
    System.IO (4.3)
      Microsoft.NETCore.Platforms (>= 1.1)
      Microsoft.NETCore.Targets (>= 1.1)
      System.Runtime (>= 4.3)
      System.Text.Encoding (>= 4.3)
      System.Threading.Tasks (>= 4.3)
    System.IO.Compression (4.3)
      Microsoft.NETCore.Platforms (>= 1.1)
      runtime.native.System (>= 4.3)
      runtime.native.System.IO.Compression (>= 4.3)
      System.Buffers (>= 4.3)
      System.Collections (>= 4.3)
      System.Diagnostics.Debug (>= 4.3)
      System.IO (>= 4.3)
      System.Resources.ResourceManager (>= 4.3)
      System.Runtime (>= 4.3)
      System.Runtime.Extensions (>= 4.3)
      System.Runtime.Handles (>= 4.3)
      System.Runtime.InteropServices (>= 4.3)
      System.Text.Encoding (>= 4.3)
      System.Threading (>= 4.3)
      System.Threading.Tasks (>= 4.3)
    System.IO.Compression.ZipFile (4.3)
      System.Buffers (>= 4.3)
      System.IO (>= 4.3)
      System.IO.Compression (>= 4.3)
      System.IO.FileSystem (>= 4.3)
      System.IO.FileSystem.Primitives (>= 4.3)
      System.Resources.ResourceManager (>= 4.3)
      System.Runtime (>= 4.3)
      System.Runtime.Extensions (>= 4.3)
      System.Text.Encoding (>= 4.3)
    System.IO.FileSystem (4.3)
      Microsoft.NETCore.Platforms (>= 1.1)
      Microsoft.NETCore.Targets (>= 1.1)
      System.IO (>= 4.3)
      System.IO.FileSystem.Primitives (>= 4.3)
      System.Runtime (>= 4.3)
      System.Runtime.Handles (>= 4.3)
      System.Text.Encoding (>= 4.3)
      System.Threading.Tasks (>= 4.3)
    System.IO.FileSystem.Primitives (4.3)
      System.Runtime (>= 4.3)
    System.Linq (4.3)
      System.Collections (>= 4.3)
      System.Diagnostics.Debug (>= 4.3)
      System.Resources.ResourceManager (>= 4.3)
      System.Runtime (>= 4.3)
      System.Runtime.Extensions (>= 4.3)
    System.Memory (4.5.4)
      System.Buffers (>= 4.5.1)
      System.Numerics.Vectors (>= 4.4)
      System.Runtime.CompilerServices.Unsafe (>= 4.5.3)
    System.Net.Http (4.3.4)
      Microsoft.NETCore.Platforms (>= 1.1.1)
      runtime.native.System (>= 4.3)
      runtime.native.System.Net.Http (>= 4.3)
      runtime.native.System.Security.Cryptography.OpenSsl (>= 4.3.2)
      System.Collections (>= 4.3)
      System.Diagnostics.Debug (>= 4.3)
      System.Diagnostics.DiagnosticSource (>= 4.3)
      System.Diagnostics.Tracing (>= 4.3)
      System.Globalization (>= 4.3)
      System.Globalization.Extensions (>= 4.3)
      System.IO (>= 4.3)
      System.IO.FileSystem (>= 4.3)
      System.Net.Primitives (>= 4.3)
      System.Resources.ResourceManager (>= 4.3)
      System.Runtime (>= 4.3)
      System.Runtime.Extensions (>= 4.3)
      System.Runtime.Handles (>= 4.3)
      System.Runtime.InteropServices (>= 4.3)
      System.Security.Cryptography.Algorithms (>= 4.3)
      System.Security.Cryptography.Encoding (>= 4.3)
      System.Security.Cryptography.OpenSsl (>= 4.3)
      System.Security.Cryptography.Primitives (>= 4.3)
      System.Security.Cryptography.X509Certificates (>= 4.3)
      System.Text.Encoding (>= 4.3)
      System.Threading (>= 4.3)
      System.Threading.Tasks (>= 4.3)
    System.Net.Http.WinHttpHandler (6.0)
      System.Buffers (>= 4.5.1)
      System.Memory (>= 4.5.4)
    System.Net.Primitives (4.3.1)
      Microsoft.NETCore.Platforms (>= 1.1.1)
      Microsoft.NETCore.Targets (>= 1.1.3)
      System.Runtime (>= 4.3.1)
      System.Runtime.Handles (>= 4.3)
    System.Numerics.Vectors (4.5)
    System.Reactive (5.0)
      System.Runtime.InteropServices.WindowsRuntime (>= 4.3)
      System.Threading.Tasks.Extensions (>= 4.5.4)
    System.Reflection (4.3)
      Microsoft.NETCore.Platforms (>= 1.1)
      Microsoft.NETCore.Targets (>= 1.1)
      System.IO (>= 4.3)
      System.Reflection.Primitives (>= 4.3)
      System.Runtime (>= 4.3)
    System.Reflection.Metadata (6.0)
      System.Collections.Immutable (>= 6.0)
    System.Reflection.Primitives (4.3)
      Microsoft.NETCore.Platforms (>= 1.1)
      Microsoft.NETCore.Targets (>= 1.1)
      System.Runtime (>= 4.3)
    System.Resources.Extensions (6.0)
      System.Memory (>= 4.5.4)
    System.Resources.ResourceManager (4.3)
      Microsoft.NETCore.Platforms (>= 1.1)
      Microsoft.NETCore.Targets (>= 1.1)
      System.Globalization (>= 4.3)
      System.Reflection (>= 4.3)
      System.Runtime (>= 4.3)
    System.Runtime (4.3.1)
      Microsoft.NETCore.Platforms (>= 1.1.1)
      Microsoft.NETCore.Targets (>= 1.1.3)
    System.Runtime.CompilerServices.Unsafe (6.0)
    System.Runtime.Extensions (4.3.1)
      Microsoft.NETCore.Platforms (>= 1.1.1)
      Microsoft.NETCore.Targets (>= 1.1.3)
      System.Runtime (>= 4.3.1)
    System.Runtime.Handles (4.3)
      Microsoft.NETCore.Platforms (>= 1.1)
      Microsoft.NETCore.Targets (>= 1.1)
      System.Runtime (>= 4.3)
    System.Runtime.InteropServices (4.3)
      Microsoft.NETCore.Platforms (>= 1.1)
      Microsoft.NETCore.Targets (>= 1.1)
      System.Reflection (>= 4.3)
      System.Reflection.Primitives (>= 4.3)
      System.Runtime (>= 4.3)
      System.Runtime.Handles (>= 4.3)
    System.Runtime.InteropServices.WindowsRuntime (4.3)
      System.Runtime (>= 4.3)
    System.Runtime.Numerics (4.3)
      System.Globalization (>= 4.3)
      System.Resources.ResourceManager (>= 4.3)
      System.Runtime (>= 4.3)
      System.Runtime.Extensions (>= 4.3)
    System.Security.AccessControl (6.0)
      System.Security.Principal.Windows (>= 5.0)
    System.Security.Cryptography.Algorithms (4.3.1)
      Microsoft.NETCore.Platforms (>= 1.1)
      runtime.native.System.Security.Cryptography.Apple (>= 4.3.1)
      runtime.native.System.Security.Cryptography.OpenSsl (>= 4.3.2)
      System.Collections (>= 4.3)
      System.IO (>= 4.3)
      System.Resources.ResourceManager (>= 4.3)
      System.Runtime (>= 4.3)
      System.Runtime.Extensions (>= 4.3)
      System.Runtime.Handles (>= 4.3)
      System.Runtime.InteropServices (>= 4.3)
      System.Runtime.Numerics (>= 4.3)
      System.Security.Cryptography.Encoding (>= 4.3)
      System.Security.Cryptography.Primitives (>= 4.3)
      System.Text.Encoding (>= 4.3)
    System.Security.Cryptography.Cng (5.0)
    System.Security.Cryptography.Csp (4.3)
      Microsoft.NETCore.Platforms (>= 1.1)
      System.IO (>= 4.3)
      System.Reflection (>= 4.3)
      System.Resources.ResourceManager (>= 4.3)
      System.Runtime (>= 4.3)
      System.Runtime.Extensions (>= 4.3)
      System.Runtime.Handles (>= 4.3)
      System.Runtime.InteropServices (>= 4.3)
      System.Security.Cryptography.Algorithms (>= 4.3)
      System.Security.Cryptography.Encoding (>= 4.3)
      System.Security.Cryptography.Primitives (>= 4.3)
      System.Text.Encoding (>= 4.3)
      System.Threading (>= 4.3)
    System.Security.Cryptography.Encoding (4.3)
      Microsoft.NETCore.Platforms (>= 1.1)
      runtime.native.System.Security.Cryptography.OpenSsl (>= 4.3)
      System.Collections (>= 4.3)
      System.Collections.Concurrent (>= 4.3)
      System.Linq (>= 4.3)
      System.Resources.ResourceManager (>= 4.3)
      System.Runtime (>= 4.3)
      System.Runtime.Extensions (>= 4.3)
      System.Runtime.Handles (>= 4.3)
      System.Runtime.InteropServices (>= 4.3)
      System.Security.Cryptography.Primitives (>= 4.3)
      System.Text.Encoding (>= 4.3)
    System.Security.Cryptography.OpenSsl (5.0)
    System.Security.Cryptography.Pkcs (6.0)
      System.Buffers (>= 4.5.1)
      System.Formats.Asn1 (>= 6.0)
      System.Memory (>= 4.5.4)
      System.Security.Cryptography.Cng (>= 5.0)
    System.Security.Cryptography.Primitives (4.3)
      System.Diagnostics.Debug (>= 4.3)
      System.Globalization (>= 4.3)
      System.IO (>= 4.3)
      System.Resources.ResourceManager (>= 4.3)
      System.Runtime (>= 4.3)
      System.Threading (>= 4.3)
      System.Threading.Tasks (>= 4.3)
    System.Security.Cryptography.ProtectedData (6.0)
      System.Memory (>= 4.5.4)
    System.Security.Cryptography.X509Certificates (4.3.2)
      Microsoft.NETCore.Platforms (>= 1.1)
      runtime.native.System (>= 4.3)
      runtime.native.System.Net.Http (>= 4.3)
      runtime.native.System.Security.Cryptography.OpenSsl (>= 4.3.2)
      System.Collections (>= 4.3)
      System.Diagnostics.Debug (>= 4.3)
      System.Globalization (>= 4.3)
      System.Globalization.Calendars (>= 4.3)
      System.IO (>= 4.3)
      System.IO.FileSystem (>= 4.3)
      System.IO.FileSystem.Primitives (>= 4.3)
      System.Resources.ResourceManager (>= 4.3)
      System.Runtime (>= 4.3)
      System.Runtime.Extensions (>= 4.3)
      System.Runtime.Handles (>= 4.3)
      System.Runtime.InteropServices (>= 4.3)
      System.Runtime.Numerics (>= 4.3)
      System.Security.Cryptography.Algorithms (>= 4.3)
      System.Security.Cryptography.Cng (>= 4.3)
      System.Security.Cryptography.Csp (>= 4.3)
      System.Security.Cryptography.Encoding (>= 4.3)
      System.Security.Cryptography.OpenSsl (>= 4.3)
      System.Security.Cryptography.Primitives (>= 4.3)
      System.Text.Encoding (>= 4.3)
      System.Threading (>= 4.3)
    System.Security.Cryptography.Xml (6.0)
      System.Memory (>= 4.5.4)
      System.Security.AccessControl (>= 6.0)
      System.Security.Cryptography.Pkcs (>= 6.0)
    System.Security.Permissions (6.0)
      System.Security.AccessControl (>= 6.0)
    System.Security.Principal.Windows (5.0)
    System.Text.Encoding (4.3)
      Microsoft.NETCore.Platforms (>= 1.1)
      Microsoft.NETCore.Targets (>= 1.1)
      System.Runtime (>= 4.3)
    System.Text.Encoding.CodePages (6.0)
      System.Memory (>= 4.5.4)
      System.Runtime.CompilerServices.Unsafe (>= 6.0)
    System.Threading (4.3)
      System.Runtime (>= 4.3)
      System.Threading.Tasks (>= 4.3)
    System.Threading.Tasks (4.3)
      Microsoft.NETCore.Platforms (>= 1.1)
      Microsoft.NETCore.Targets (>= 1.1)
      System.Runtime (>= 4.3)
    System.Threading.Tasks.Dataflow (6.0)
    System.Threading.Tasks.Extensions (4.5.4)
      System.Runtime.CompilerServices.Unsafe (>= 4.5.3)
